PATH
  remote: ../msf_models
  specs:
    msf_models (0.0.1)
      activerecord
      activesupport
      pg

GEM
  remote: http://rubygems.org/
  specs:
    activemodel (3.1.3)
      activesupport (= 3.1.3)
      builder (~> 3.0.0)
      i18n (~> 0.6)
    activerecord (3.1.3)
      activemodel (= 3.1.3)
      activesupport (= 3.1.3)
      arel (~> 2.2.1)
      tzinfo (~> 0.3.29)
    activesupport (3.1.3)
      multi_json (~> 1.0)
    arel (2.2.1)
    builder (3.0.0)
    i18n (0.6.0)
    multi_json (1.0.4)
    pg (0.12.2)
    tzinfo (0.3.31)

PLATFORMS
  ruby

DEPENDENCIES
  msf_models!
